GEM
  remote: https://rubygems.org/
  specs:
    actioncable (6.0.2)
      actionpack (= 6.0.2)
      nio4r (~> 2.0)
      websocket-driver (>= 0.6.1)
    actionmailbox (6.0.2)
      actionpack (= 6.0.2)
      activejob (= 6.0.2)
      activerecord (= 6.0.2)
      activestorage (= 6.0.2)
      activesupport (= 6.0.2)
      mail (>= 2.7.1)
    actionmailer (6.0.2)
      actionpack (= 6.0.2)
      actionview (= 6.0.2)
      activejob (= 6.0.2)
      mail (~> 2.5, >= 2.5.4)
      rails-dom-testing (~> 2.0)
    actionpack (6.0.2)
      actionview (= 6.0.2)
      activesupport (= 6.0.2)
      rack (~> 2.0)
      rack-test (>= 0.6.3)
      rails-dom-testing (~> 2.0)
      rails-html-sanitizer (~> 1.0, >= 1.2.0)
    actiontext (6.0.2)
      actionpack (= 6.0.2)
      activerecord (= 6.0.2)
      activestorage (= 6.0.2)
      activesupport (= 6.0.2)
      nokogiri (>= 1.8.5)
    actionview (6.0.2)
      activesupport (= 6.0.2)
      builder (~> 3.1)
      erubi (~> 1.4)
      rails-dom-testing (~> 2.0)
      rails-html-sanitizer (~> 1.1, >= 1.2.0)
    activejob (6.0.2)
      activesupport (= 6.0.2)
      globalid (>= 0.3.6)
    activemodel (6.0.2)
      activesupport (= 6.0.2)
    activerecord (6.0.2)
      activemodel (= 6.0.2)
      activesupport (= 6.0.2)
    activestorage (6.0.2)
      actionpack (= 6.0.2)
      activejob (= 6.0.2)
      activerecord (= 6.0.2)
      marcel (~> 0.3.1)
    activesupport (6.0.2)
      concurrent-ruby (~> 1.0, >= 1.0.2)
      i18n (>= 0.7, < 2)
      minitest (~> 5.1)
      tzinfo (~> 1.1)
      zeitwerk (~> 2.2)
    addressable (2.7.0)
      public_suffix (>= 2.0.2, < 5.0)
    ast (2.4.0)
    bcrypt (3.1.13)
    better_errors (2.8.0)
      coderay (>= 1.0.0)
      erubi (>= 1.0.0)
      rack (>= 0.9.0)
    binding_of_caller (0.8.0)
      debug_inspector (>= 0.0.1)
    bootsnap (1.4.5)
      msgpack (~> 1.0)
    builder (3.2.4)
    bulma-rails (0.8.0)
      sassc (~> 2.0)
    byebug (9.0.6)
    capybara (3.30.0)
      addressable
      mini_mime (>= 0.1.3)
      nokogiri (~> 1.8)
      rack (>= 1.6.0)
      rack-test (>= 0.6.3)
      regexp_parser (~> 1.5)
      xpath (~> 3.2)
    childprocess (3.0.0)
    coderay (1.1.3)
    concurrent-ruby (1.1.5)
    crass (1.0.5)
    debug_inspector (0.0.3)
    devise (4.7.1)
      bcrypt (~> 3.0)
      orm_adapter (~> 0.1)
      railties (>= 4.1.0)
      responders
      warden (~> 1.2.3)
    devise-i18n (1.9.0)
      devise (>= 4.7.1)
    devise-i18n-views (0.3.7)
    diff-lcs (1.3)
    dotenv (2.7.5)
    dotenv-rails (2.7.5)
      dotenv (= 2.7.5)
      railties (>= 3.2, < 6.1)
    erubi (1.10.0)
    execjs (2.7.0)
    factory_bot (4.11.1)
      activesupport (>= 3.0.0)
    factory_bot_rails (4.11.1)
      factory_bot (~> 4.11.1)
      railties (>= 3.0.0)
    faraday (0.17.1)
      multipart-post (>= 1.2, < 3)
    ffi (1.11.1)
    globalid (0.4.2)
      activesupport (>= 4.2.0)
    gon (6.3.2)
      actionpack (>= 3.0.20)
      i18n (>= 0.7)
      multi_json
      request_store (>= 1.0)
    google-cloud-language (0.35.2)
      google-gax (~> 1.8)
      googleapis-common-protos (>= 1.3.9, < 2.0)
      googleapis-common-protos-types (>= 1.0.4, < 2.0)
    google-gax (1.8.1)
      google-protobuf (~> 3.9)
      googleapis-common-protos (>= 1.3.9, < 2.0)
      googleauth (~> 0.9)
      grpc (~> 1.24)
      rly (~> 0.2.3)
    google-protobuf (3.11.2)
    googleapis-common-protos (1.3.9)
      google-protobuf (~> 3.0)
      googleapis-common-protos-types (~> 1.0)
      grpc (~> 1.0)
    googleapis-common-protos-types (1.0.4)
      google-protobuf (~> 3.0)
    googleauth (0.10.0)
      faraday (~> 0.12)
      jwt (>= 1.4, < 3.0)
      memoist (~> 0.16)
      multi_json (~> 1.11)
      os (>= 0.9, < 2.0)
      signet (~> 0.12)
    grpc (1.26.0)
      google-protobuf (~> 3.8)
      googleapis-common-protos-types (~> 1.0)
    i18n (1.7.0)
      concurrent-ruby (~> 1.0)
    jaro_winkler (1.5.4)
    jbuilder (2.9.1)
      activesupport (>= 4.2.0)
    jquery-rails (4.3.5)
      rails-dom-testing (>= 1, < 3)
      railties (>= 4.2.0)
      thor (>= 0.14, < 2.0)
    jwt (2.2.1)
    listen (3.2.1)
      rb-fsevent (~> 0.10, >= 0.10.3)
      rb-inotify (~> 0.9, >= 0.9.10)
    loofah (2.4.0)
      crass (~> 1.0.2)
      nokogiri (>= 1.5.9)
    mail (2.7.1)
      mini_mime (>= 0.1.1)
    mail-iso-2022-jp (2.0.9)
      mail (>= 2.2.6, <= 2.7.1)
    marcel (0.3.3)
      mimemagic (~> 0.3.2)
    memoist (0.16.2)
    method_source (0.9.2)
    mimemagic (0.3.3)
    mini_mime (1.0.2)
    mini_portile2 (2.4.0)
    minitest (5.13.0)
    msgpack (1.3.1)
    multi_json (1.14.1)
    multipart-post (2.1.1)
    nio4r (2.5.2)
    nokogiri (1.10.7)
      mini_portile2 (~> 2.4.0)
    orm_adapter (0.5.0)
    os (1.0.1)
    parallel (1.19.1)
    parser (2.7.0.0)
      ast (~> 2.4.0)
    pg (1.2.0)
    pry (0.12.2)
      coderay (~> 1.1.0)
      method_source (~> 0.9.0)
    pry-byebug (3.4.3)
      byebug (>= 9.0, < 9.1)
      pry (~> 0.10)
    pry-doc (1.0.0)
      pry (~> 0.11)
      yard (~> 0.9.11)
    pry-rails (0.3.9)
      pry (>= 0.10.4)
    public_suffix (4.0.2)
    puma (4.3.1)
      nio4r (~> 2.0)
    rack (2.2.3)
    rack-proxy (0.6.5)
      rack
    rack-test (1.1.0)
      rack (>= 1.0, < 3)
    rails (6.0.2)
      actioncable (= 6.0.2)
      actionmailbox (= 6.0.2)
      actionmailer (= 6.0.2)
      actionpack (= 6.0.2)
      actiontext (= 6.0.2)
      actionview (= 6.0.2)
      activejob (= 6.0.2)
      activemodel (= 6.0.2)
      activerecord (= 6.0.2)
      activestorage (= 6.0.2)
      activesupport (= 6.0.2)
      bundler (>= 1.3.0)
      railties (= 6.0.2)
      sprockets-rails (>= 2.0.0)
    rails-dom-testing (2.0.3)
      activesupport (>= 4.2.0)
      nokogiri (>= 1.6)
    rails-html-sanitizer (1.3.0)
      loofah (~> 2.3)
    rails-i18n (6.0.0)
      i18n (>= 0.7, < 2)
      railties (>= 6.0.0, < 7)
    railties (6.0.2)
      actionpack (= 6.0.2)
      activesupport (= 6.0.2)
      method_source
      rake (>= 0.8.7)
      thor (>= 0.20.3, < 2.0)
    rainbow (3.0.0)
    rake (13.0.1)
    rb-fsevent (0.10.3)
    rb-inotify (0.10.1)
      ffi (~> 1.0)
    regexp_parser (1.6.0)
    request_store (1.5.0)
      rack (>= 1.4)
    responders (3.0.0)
      actionpack (>= 5.0)
      railties (>= 5.0)
    rly (0.2.3)
    rspec-core (3.9.1)
      rspec-support (~> 3.9.1)
    rspec-expectations (3.9.0)
      diff-lcs (>= 1.2.0, < 2.0)
      rspec-support (~> 3.9.0)
    rspec-mocks (3.9.0)
      diff-lcs (>= 1.2.0, < 2.0)
      rspec-support (~> 3.9.0)
    rspec-rails (3.9.0)
      actionpack (>= 3.0)
      activesupport (>= 3.0)
      railties (>= 3.0)
      rspec-core (~> 3.9.0)
      rspec-expectations (~> 3.9.0)
      rspec-mocks (~> 3.9.0)
      rspec-support (~> 3.9.0)
    rspec-support (3.9.1)
    rubocop (0.78.0)
      jaro_winkler (~> 1.5.1)
      parallel (~> 1.10)
      parser (>= 2.6)
      rainbow (>= 2.2.2, < 4.0)
      ruby-progressbar (~> 1.7)
      unicode-display_width (>= 1.4.0, < 1.7)
    rubocop-performance (1.5.2)
      rubocop (>= 0.71.0)
    rubocop-rails (2.4.1)
      rack (>= 1.1)
      rubocop (>= 0.72.0)
    rubocop-rspec (1.37.1)
      rubocop (>= 0.68.1)
    ruby-progressbar (1.10.1)
    rubyzip (2.0.0)
    sass-rails (6.0.0)
      sassc-rails (~> 2.1, >= 2.1.1)
    sassc (2.2.1)
      ffi (~> 1.9)
    sassc-rails (2.1.2)
      railties (>= 4.0.0)
      sassc (>= 2.0)
      sprockets (> 3.0)
      sprockets-rails
      tilt
    selenium-webdriver (3.142.7)
      childprocess (>= 0.5, < 4.0)
      rubyzip (>= 1.2.2)
    signet (0.12.0)
      addressable (~> 2.3)
      faraday (~> 0.9)
      jwt (>= 1.5, < 3.0)
      multi_json (~> 1.10)
    spring (2.1.0)
    spring-commands-rspec (1.0.4)
      spring (>= 0.9.1)
    sprockets (4.0.0)
      concurrent-ruby (~> 1.0)
      rack (> 1, < 3)
    sprockets-rails (3.2.1)
      actionpack (>= 4.0)
      activesupport (>= 4.0)
      sprockets (>= 3.0.0)
    thor (1.0.1)
    thread_safe (0.3.6)
    tilt (2.0.10)
    turbolinks (5.2.1)
      turbolinks-source (~> 5.2)
    turbolinks-source (5.2.0)
    tzinfo (1.2.6)
      thread_safe (~> 0.1)
    uglifier (4.2.0)
      execjs (>= 0.3.0, < 3)
    unicode-display_width (1.6.0)
    warden (1.2.8)
      rack (>= 2.0.6)
    webdrivers (4.2.0)
      nokogiri (~> 1.6)
      rubyzip (>= 1.3.0)
      selenium-webdriver (>= 3.0, < 4.0)
    webpacker (4.2.2)
      activesupport (>= 4.2)
      rack-proxy (>= 0.6.1)
      railties (>= 4.2)
    websocket-driver (0.7.1)
      websocket-extensions (>= 0.1.0)
    websocket-extensions (0.1.4)
    will_paginate (3.1.7)
    will_paginate-bulma (1.0.0)
      will_paginate (>= 3.0.3)
    xpath (3.2.0)
      nokogiri (~> 1.8)
    yard (0.9.20)
    zeitwerk (2.2.2)

PLATFORMS
  ruby

DEPENDENCIES
  bcrypt
  better_errors
  binding_of_caller
  bootsnap
  bulma-rails (>= 0.7.4)
  byebug (= 9.0.6)
  capybara
  devise
  devise-i18n
  devise-i18n-views
  dotenv-rails
  factory_bot_rails (~> 4.11)
  ffi (= 1.11.1)
  gon
  google-cloud-language
  jbuilder
  jquery-rails
  listen
  mail-iso-2022-jp
  pg
  pry-byebug
  pry-doc
  pry-rails
  puma
  rails (= 6.0.2)
  rails-i18n
  railties
  rspec-rails
  rubocop-performance
  rubocop-rails
  rubocop-rspec
  sass-rails
  selenium-webdriver
  spring
  spring-commands-rspec
  turbolinks
  uglifier
  webdrivers
  webpacker
  will_paginate (= 3.1.7)
  will_paginate-bulma

BUNDLED WITH
   2.1.2
